PATH
  remote: .
  specs:
    llm-fillin (0.1.0)
      json_schemer (~> 2.3)
      openai (~> 0.21)

GEM
  remote: https://rubygems.org/
  specs:
    bigdecimal (3.2.2)
    connection_pool (2.5.4)
    hana (1.3.7)
    json_schemer (2.4.0)
      bigdecimal
      hana (~> 1.3)
      regexp_parser (~> 2.0)
      simpleidn (~> 0.2)
    openai (0.21.1)
      connection_pool
    regexp_parser (2.11.2)
    simpleidn (0.2.3)

PLATFORMS
  arm64-darwin-23
  ruby

DEPENDENCIES
  llm-fillin!

BUNDLED WITH
   2.5.3
